PATH
  remote: .
  specs:
    primes_table (0.1.2)
      methadone (>= 1.9.5, < 3.0)

GEM
  remote: https://rubygems.org/
  specs:
    aruba (0.14.13)
      childprocess (>= 0.6.3, < 4.0.0)
      contracts (~> 0.9)
      cucumber (>= 1.3.19)
      ffi (~> 1.9)
      rspec-expectations (>= 2.99)
      thor (>= 0.19, < 2.0)
    backports (3.15.0)
    builder (3.2.4)
    byebug (11.0.1)
    childprocess (3.0.0)
    contracts (0.16.0)
    cucumber (3.1.2)
      builder (>= 2.1.2)
      cucumber-core (~> 3.2.0)
      cucumber-expressions (~> 6.0.1)
      cucumber-wire (~> 0.0.1)
      diff-lcs (~> 1.3)
      gherkin (~> 5.1.0)
      multi_json (>= 1.7.5, < 2.0)
      multi_test (>= 0.1.2)
    cucumber-core (3.2.1)
      backports (>= 3.8.0)
      cucumber-tag_expressions (~> 1.1.0)
      gherkin (~> 5.0)
    cucumber-expressions (6.0.1)
    cucumber-tag_expressions (1.1.1)
    cucumber-wire (0.0.1)
    diff-lcs (1.3)
    docile (1.3.2)
    ffi (1.11.3)
    gherkin (5.1.0)
    json (2.2.0)
    methadone (2.0.2)
      bundler
    multi_json (1.14.1)
    multi_test (0.1.2)
    rake (12.3.3)
    rdoc (6.2.0)
    rspec (3.8.0)
      rspec-core (~> 3.8.0)
      rspec-expectations (~> 3.8.0)
      rspec-mocks (~> 3.8.0)
    rspec-core (3.8.2)
      rspec-support (~> 3.8.0)
    rspec-expectations (3.8.6)
      diff-lcs (>= 1.2.0, < 2.0)
      rspec-support (~> 3.8.0)
    rspec-mocks (3.8.1)
      diff-lcs (>= 1.2.0, < 2.0)
      rspec-support (~> 3.8.0)
    rspec-support (3.8.3)
    simplecov (0.17.1)
      docile (~> 1.1)
      json (>= 1.8, < 3)
      simplecov-html (~> 0.10.0)
    simplecov-html (0.10.2)
    thor (1.0.1)

PLATFORMS
  ruby

DEPENDENCIES
  aruba (~> 0.14.3)
  bundler (~> 1.16, >= 1.16.1)
  byebug (~> 11.0)
  primes_table!
  rake (~> 12.3)
  rdoc (~> 6.0, >= 6.0.1)
  rspec (~> 3.7)
  simplecov (~> 0.17.0)

BUNDLED WITH
   1.17.2
